GEM
  remote: https://rubygems.org/
  specs:
    bcrypt (3.1.19)
    byebug (11.1.3)
    coderay (1.1.3)
    connection_pool (2.4.1)
    diff-lcs (1.5.0)
    dotenv (2.8.1)
    dry-inflector (1.0.0)
    method_source (1.0.0)
    pry (0.14.2)
      coderay (~> 1.1)
      method_source (~> 1.0)
    pry-byebug (3.10.1)
      byebug (~> 11.0)
      pry (>= 0.13, < 0.15)
    rack (2.2.8)
    rack-test (1.1.0)
      rack (>= 1.0, < 3)
    redis (5.0.7)
      redis-client (>= 0.9.0)
    redis-client (0.17.0)
      connection_pool
    roda (3.72.0)
      rack
    rspec (3.12.0)
      rspec-core (~> 3.12.0)
      rspec-expectations (~> 3.12.0)
      rspec-mocks (~> 3.12.0)
    rspec-core (3.12.2)
      rspec-support (~> 3.12.0)
    rspec-expectations (3.12.3)
      diff-lcs (>= 1.2.0, < 2.0)
      rspec-support (~> 3.12.0)
    rspec-its (1.2.0)
      rspec-core (>= 3.0.0)
      rspec-expectations (>= 3.0.0)
    rspec-mocks (3.12.6)
      diff-lcs (>= 1.2.0, < 2.0)
      rspec-support (~> 3.12.0)
    rspec-roda (0.2.2)
      dry-inflector
      rack-test (~> 1.0)
      roda
      rspec (~> 3.7)
      rspec-its (~> 1.2.0)
    rspec-support (3.12.1)

PLATFORMS
  x86_64-linux

DEPENDENCIES
  bcrypt (~> 3.1.19)
  dotenv (~> 2.8.1)
  pry-byebug (~> 3.10.1)
  rack (~> 2.2.8)
  redis (~> 5.0.7)
  roda (~> 3.72.0)
  rspec-roda (~> 0.2.2)

BUNDLED WITH
   2.4.20
